PATH
  remote: .
  specs:
    acts_as_geocodable (1.0.3)
      graticule (>= 1.0.0.pre2)

GEM
  remote: http://rubygems.org/
  specs:
    activesupport (3.0.0)
    graticule (1.0.0.pre2)
      activesupport
      happymapper (>= 0.3.0)
    happymapper (0.3.2)
      libxml-ruby (~> 1.1.3)
    libxml-ruby (1.1.4)

PLATFORMS
  ruby

DEPENDENCIES
  acts_as_geocodable!
  graticule (>= 1.0.0.pre2)
